GIT
  remote: git://github.com/paperlesspost/gdata.git
  revision: 91f3a5b2e701c879ae5dfcb48dec5bb039e37a7b
  specs:
    gdata19 (0.1.9.2)

GEM
  remote: http://rubygems.org/
  specs:
    hpricot (0.8.4)
    multi_json (1.10.1)
    nokogiri (1.5.2)
    rake (0.9.2)
    shoulda (2.11.3)
    test-unit (2.5.1)

PLATFORMS
  ruby

DEPENDENCIES
  gdata19!
  hpricot
  multi_json (~> 1.10, >= 1.10.1)
  nokogiri
  rake
  shoulda
  test-unit
